PATH
  remote: .
  specs:
    ecl (3.0.0.pre.alpha1)
      aws-sdk-ec2 (~> 1.18)
      curses (~> 1.0)
      json (~> 2.1)
      oj (~> 3.3)
      pry (~> 0.10)
      ruby-string-match-scorer (~> 0.1)

GEM
  remote: https://rubygems.org/
  specs:
    aws-eventstream (1.0.0)
    aws-partitions (1.90.0)
    aws-sdk-core (3.21.2)
      aws-eventstream (~> 1.0)
      aws-partitions (~> 1.0)
      aws-sigv4 (~> 1.0)
      jmespath (~> 1.0)
    aws-sdk-ec2 (1.34.0)
      aws-sdk-core (~> 3)
      aws-sigv4 (~> 1.0)
    aws-sigv4 (1.0.2)
    coderay (1.1.2)
    curses (1.2.4)
    jmespath (1.4.0)
    json (2.1.0)
    method_source (0.9.0)
    oj (3.6.2)
    pry (0.11.3)
      coderay (~> 1.1.0)
      method_source (~> 0.9.0)
    rake (12.3.1)
    ruby-string-match-scorer (0.1.0)

PLATFORMS
  ruby

DEPENDENCIES
  bundler (~> 1.16)
  ecl!
  rake (~> 12.3)

BUNDLED WITH
   1.16.1
